GEM
  remote: https://rubygems.org/
  specs:
    minitest (5.14.0)
    mqtt (0.5.0)
    rake (13.0.1)

PLATFORMS
  ruby

DEPENDENCIES
  bundler (>= 1.5.0)
  minitest (>= 5.0.0)
  mqtt (>= 0.4.0)
  rake (>= 0.10.0)

RUBY VERSION
   ruby 2.5.5p157

BUNDLED WITH
   1.16.1
